GEM
  remote: https://rubygems.org/
  specs:
    couchrest (1.2.0)
      mime-types (~> 1.15)
      multi_json (~> 1.0)
      rest-client (~> 1.6.1)
    hiredis (0.4.5)
    json (1.8.1)
    mime-types (1.25.1)
    multi_json (1.8.4)
    mysql2 (0.3.15)
    redis (3.0.6)
    rest-client (1.6.7)
      mime-types (>= 1.16)

PLATFORMS
  ruby

DEPENDENCIES
  couchrest (~> 1.2)
  hiredis (~> 0.4.5)
  json (~> 1.8.1)
  mysql2 (~> 0.3.15)
  redis (~> 3.0.6)
